GIT
  remote: git://github.com/airblade/paper_trail.git
  revision: fbd08dbbceda1a7357b5a7f45bb2ca8d09acc600
  tag: v4.0.0.beta2
  specs:
    paper_trail (4.0.0.beta2)
      activerecord (>= 3.0, < 6.0)
      activesupport (>= 3.0, < 6.0)

GIT
  remote: https://github.com/getsentry/raven-ruby.git
  revision: e3e0cf474c8b4bd0b548be0241dfdbe734d01795
  specs:
    sentry-raven (0.13.1)
      faraday (>= 0.7.6)

GEM
  remote: https://rubygems.org/
  specs:
    actionmailer (4.1.6)
      actionpack (= 4.1.6)
      actionview (= 4.1.6)
      mail (~> 2.5, >= 2.5.4)
    actionpack (4.1.6)
      actionview (= 4.1.6)
      activesupport (= 4.1.6)
      rack (~> 1.5.2)
      rack-test (~> 0.6.2)
    actionview (4.1.6)
      activesupport (= 4.1.6)
      builder (~> 3.1)
      erubis (~> 2.7.0)
    active_model_serializers (0.8.1)
      activemodel (>= 3.0)
    activemodel (4.1.6)
      activesupport (= 4.1.6)
      builder (~> 3.1)
    activerecord (4.1.6)
      activemodel (= 4.1.6)
      activesupport (= 4.1.6)
      arel (~> 5.0.0)
    activesupport (4.1.6)
      i18n (~> 0.6, >= 0.6.9)
      json (~> 1.7, >= 1.7.7)
      minitest (~> 5.1)
      thread_safe (~> 0.1)
      tzinfo (~> 1.1)
    acts-as-taggable-on (3.5.0)
      activerecord (>= 3.2, < 5)
    addressable (2.3.5)
    arel (5.0.1.20140414130214)
    bcrypt (3.1.7)
    builder (3.2.2)
    cancan (1.6.10)
    codeclimate-test-reporter (0.4.5)
      simplecov (>= 0.7.1, < 1.0.0)
    coderay (1.1.0)
    colored (1.2)
    cookiejar (0.3.0)
    couchrest (1.2.0)
      mime-types (~> 1.15)
      multi_json (~> 1.0)
      rest-client (~> 1.6.1)
    couchrest_model (2.0.3)
      activemodel (>= 4.0, >= 3.0)
      couchrest (>= 1.2)
      mime-types (>= 1.16)
      tzinfo (>= 0.3.22)
    coveralls (0.7.0)
      multi_json (~> 1.3)
      rest-client
      simplecov (>= 0.7)
      term-ansicolor
      thor
    daemons (1.1.9)
    database_cleaner (1.2.0)
    devise (3.2.4)
      bcrypt (~> 3.0)
      orm_adapter (~> 0.1)
      railties (>= 3.2.6, < 5)
      thread_safe (~> 0.1)
      warden (~> 1.2.3)
    devise_invitable (1.4.0)
      actionmailer (>= 3.2.6, < 5)
      devise (>= 3.2.0)
    diff-lcs (1.2.5)
    discourse_api (0.1.2)
      faraday (~> 0.8.8)
      faraday_middleware (~> 0.9)
    distribution (0.7.1)
    docile (1.1.3)
    dotenv (1.0.2)
    dotenv-rails (1.0.2)
      dotenv (= 1.0.2)
    easy_translate (0.4.0)
      json
      thread
      thread_safe
    em-http-request (1.0.3)
      addressable (>= 2.2.3)
      cookiejar
      em-socksify
      eventmachine (>= 1.0.0.beta.4)
      http_parser.rb (>= 0.5.3)
    em-socksify (0.3.0)
      eventmachine (>= 1.0.0.beta.4)
    em-websocket (0.5.0)
      eventmachine (>= 0.12.9)
      http_parser.rb (~> 0.5.3)
    erubis (2.7.0)
    eventmachine (1.0.7)
    execjs (2.0.2)
    factory_girl (4.3.0)
      activesupport (>= 3.0.0)
    factory_girl_rails (4.3.0)
      factory_girl (~> 4.3.0)
      railties (>= 3.0.0)
    faraday (0.8.9)
      multipart-post (~> 1.2.0)
    faraday_middleware (0.9.1)
      faraday (>= 0.7.4, < 0.10)
    foreman (0.78.0)
      thor (~> 0.19.1)
    hashie (2.0.5)
    highline (1.6.20)
    hike (1.2.3)
    http_parser.rb (0.5.3)
    httpclient (2.3.4.1)
    i18n (0.7.0)
    i18n-tasks (0.2.19)
      activesupport
      easy_translate (>= 0.4.0)
      erubis
      highline
      rake
      term-ansicolor
      terminal-table
    json (1.8.2)
    json_spec (1.1.1)
      multi_json (~> 1.0)
      rspec (~> 2.0)
    kgio (2.9.2)
    launchy (2.4.3)
      addressable (~> 2.3)
    letter_opener (1.2.0)
      launchy (~> 2.2)
    mail (2.6.1)
      mime-types (>= 1.16, < 3)
    method_source (0.8.2)
    mime-types (1.25.1)
    minitest (5.6.0)
    mono_logger (1.1.0)
    multi_json (1.10.1)
    multipart-post (1.2.0)
    oauth (0.4.7)
    orm_adapter (0.5.0)
    pg (0.17.1)
    pry (0.9.12.6)
      coderay (~> 1.0)
      method_source (~> 0.8)
      slop (~> 3.4)
    pry-remote (0.1.8)
      pry (~> 0.9)
      slop (~> 3.0)
    pusher (0.12.0)
      httpclient (~> 2.3.0)
      multi_json (~> 1.0)
      signature (~> 0.1.6)
    pusher-fake (0.13.0)
      em-http-request (>= 1.0.0, < 1.2.0)
      em-websocket (~> 0.5)
      multi_json (~> 1.6)
      thin (~> 1.5)
    rack (1.5.2)
    rack-protection (1.5.2)
      rack
    rack-test (0.6.3)
      rack (>= 1.0)
    rails (4.1.6)
      actionmailer (= 4.1.6)
      actionpack (= 4.1.6)
      actionview (= 4.1.6)
      activemodel (= 4.1.6)
      activerecord (= 4.1.6)
      activesupport (= 4.1.6)
      bundler (>= 1.3.0, < 2.0)
      railties (= 4.1.6)
      sprockets-rails (~> 2.0)
    railties (4.1.6)
      actionpack (= 4.1.6)
      activesupport (= 4.1.6)
      rake (>= 0.8.7)
      thor (>= 0.18.1, < 2.0)
    raindrops (0.13.0)
    rake (10.4.2)
    rdoc (4.1.1)
      json (~> 1.4)
    redis (3.0.7)
    redis-namespace (1.4.1)
      redis (~> 3.0.4)
    resque (1.25.1)
      mono_logger (~> 1.0)
      multi_json (~> 1.0)
      redis-namespace (~> 1.2)
      sinatra (>= 0.9.2)
      vegas (~> 0.1.2)
    resque-scheduler (2.4.0)
      redis (>= 3.0.0)
      resque (~> 1.25)
      rufus-scheduler (~> 2.0)
    resque_spec (0.15.0)
      resque (>= 1.19.0)
      rspec-core (>= 2.5.0)
      rspec-expectations (>= 2.5.0)
      rspec-mocks (>= 2.5.0)
    rest-client (1.6.8)
      mime-types (~> 1.16)
      rdoc (>= 2.4.2)
    rspec (2.14.1)
      rspec-core (~> 2.14.0)
      rspec-expectations (~> 2.14.0)
      rspec-mocks (~> 2.14.0)
    rspec-core (2.14.8)
    rspec-expectations (2.14.5)
      diff-lcs (>= 1.1.3, < 2.0)
    rspec-mocks (2.14.6)
    rspec-rails (2.14.2)
      actionpack (>= 3.0)
      activemodel (>= 3.0)
      activesupport (>= 3.0)
      railties (>= 3.0)
      rspec-core (~> 2.14.0)
      rspec-expectations (~> 2.14.0)
      rspec-mocks (~> 2.14.0)
    ruby-prof (0.14.2)
    ruby_parser (3.6.3)
      sexp_processor (~> 4.1)
    rufus-scheduler (2.0.24)
      tzinfo (>= 0.3.22)
    sass (3.2.19)
    sass-rails (4.0.3)
      railties (>= 4.0.0, < 5.0)
      sass (~> 3.2.0)
      sprockets (~> 2.8, <= 2.11.0)
      sprockets-rails (~> 2.0)
    seedbank (0.3.0)
    sexp_processor (4.4.4)
    signature (0.1.7)
    simplecov (0.8.2)
      docile (~> 1.1.0)
      multi_json
      simplecov-html (~> 0.8.0)
    simplecov-html (0.8.0)
    sinatra (1.4.4)
      rack (~> 1.4)
      rack-protection (~> 1.4)
      tilt (~> 1.3, >= 1.3.4)
    skylight (0.6.0)
      activesupport (>= 3.0.0)
    slim (2.0.2)
      temple (~> 0.6.6)
      tilt (>= 1.3.3, < 2.1)
    slop (3.4.7)
    sprockets (2.11.0)
      hike (~> 1.2)
      multi_json (~> 1.0)
      rack (~> 1.0)
      tilt (~> 1.1, != 1.3.0)
    sprockets-rails (2.2.0)
      actionpack (>= 3.0)
      activesupport (>= 3.0)
      sprockets (>= 2.8, < 4.0)
    temple (0.6.7)
    term-ansicolor (1.2.2)
      tins (~> 0.8)
    terminal-table (1.4.5)
    textacular (3.2.0)
      activerecord (>= 3.0, < 4.2)
    thin (1.6.1)
      daemons (>= 1.0.9)
      eventmachine (>= 1.0.0)
      rack (>= 1.0.0)
    thor (0.19.1)
    thread (0.1.3)
    thread_safe (0.3.5)
    tilt (1.4.1)
    timecop (0.7.1)
    tins (0.13.2)
    tomdoc (0.2.5)
      colored
      ruby_parser (>= 2.0.4)
    tzinfo (1.2.2)
      thread_safe (~> 0.1)
    uglifier (2.4.0)
      execjs (>= 0.3.0)
      json (>= 1.8.0)
    unicorn (4.8.3)
      kgio (~> 2.6)
      rack
      raindrops (~> 0.7)
    vegas (0.1.11)
      rack (>= 1.0.0)
    warden (1.2.3)
      rack (>= 1.0)

PLATFORMS
  ruby

DEPENDENCIES
  active_model_serializers
  acts-as-taggable-on (~> 3.4)
  cancan
  codeclimate-test-reporter
  couchrest_model
  coveralls
  database_cleaner
  devise
  devise_invitable
  discourse_api
  distribution (~> 0.7.1)
  dotenv (~> 1.0)
  dotenv-rails
  eventmachine (~> 1.0.4)
  factory_girl_rails
  faraday (~> 0.8.8)
  foreman
  hashie
  i18n-tasks (~> 0.2.10)
  json_spec
  letter_opener
  oauth
  paper_trail!
  pg
  pry
  pry-remote
  pusher
  pusher-fake
  rails (= 4.1.6)
  redis
  resque
  resque-scheduler
  resque_spec
  rspec-rails
  ruby-prof
  sass-rails (~> 4.0.2)
  seedbank
  sentry-raven!
  simplecov
  skylight
  slim
  textacular (~> 3.0)
  timecop
  tomdoc
  uglifier (>= 1.3.0)
  unicorn
